GEM
  remote: https://rubygems.org/
  specs:
    addressable (2.8.0)
      public_suffix (>= 2.0.2, < 5.0)
    faraday (1.1.0)
      multipart-post (>= 1.2, < 3)
      ruby2_keywords
    json (2.3.1)
    koala (3.0.0)
      addressable
      faraday
      json (>= 1.8)
    multipart-post (2.1.1)
    public_suffix (4.0.6)
    ruby2_keywords (0.0.2)

PLATFORMS
  ruby

DEPENDENCIES
  koala

BUNDLED WITH
   1.17.2
